PATH
  remote: .
  specs:
    i18n-country-translations (1.0.1.1)
      i18n (~> 0.5)

GEM
  remote: http://rubygems.org/
  specs:
    diff-lcs (1.1.3)
    hpricot (0.8.6)
    i18n (0.6.5)
    i18n-spec (0.1.2)
    rspec (2.9.0)
      rspec-core (~> 2.9.0)
      rspec-expectations (~> 2.9.0)
      rspec-mocks (~> 2.9.0)
    rspec-core (2.9.0)
    rspec-expectations (2.9.0)
      diff-lcs (~> 1.1.3)
    rspec-mocks (2.9.0)

PLATFORMS
  ruby

DEPENDENCIES
  hpricot
  i18n-country-translations!
  i18n-spec (>= 0.1.1)
  rspec (>= 2.7.0)
